GEM
  remote: https://rubygems.org/
  specs:
    ap (0.1.1)
      httparty (>= 0.7.7)
    coderay (1.1.2)
    ffi (1.11.1-java)
    httparty (0.17.0)
      mime-types (~> 3.0)
      multi_xml (>= 0.5.2)
    jsonpath (1.0.4)
      multi_json
      to_regexp (~> 0.2.1)
    logger (1.4.1)
    method_source (0.9.2)
    mime-types (3.2.2)
      mime-types-data (~> 3.2015)
    mime-types-data (3.2019.0331)
    mini_portile2 (2.4.0)
    multi_json (1.13.1)
    multi_xml (0.6.0)
    nokogiri (1.10.3)
      mini_portile2 (~> 2.4.0)
    nokogiri (1.10.3-java)
    pry (0.12.2)
      coderay (~> 1.1.0)
      method_source (~> 0.9.0)
    pry (0.12.2-java)
      coderay (~> 1.1.0)
      method_source (~> 0.9.0)
      spoon (~> 0.0)
    spoon (0.0.6)
      ffi
    to_regexp (0.2.1)

PLATFORMS
  java
  ruby

DEPENDENCIES
  ap
  httparty
  jsonpath
  logger
  nokogiri
  pry

BUNDLED WITH
   2.0.1
